GEM
  remote: https://rubygems.org/
  specs:
    backports (2.6.4)
    bcrypt-ruby (3.0.1)
    bcrypt-ruby (3.0.1-x86-mingw32)
    commonjs (0.2.6)
    daemons (1.1.9)
    eventmachine (1.0.0)
    eventmachine (1.0.0-x86-mingw32)
    haml (3.1.7)
    less (2.2.2)
      commonjs (~> 0.2.6)
    rack (1.4.1)
    rack-flash3 (1.0.1)
      rack
      rack
    rack-protection (1.2.0)
      rack
    rack-test (0.6.2)
      rack (>= 1.0)
    rand62 (0.1.0)
    rbtree (0.3.0)
    rcov (1.0.0)
    rdiscount (1.6.8)
    require_relative (1.0.3)
    shotgun (0.9)
      rack (>= 1.0)
    sinatra (1.3.3)
      rack (~> 1.3, >= 1.3.6)
      rack-protection (~> 1.2)
      tilt (~> 1.3, >= 1.3.3)
    sinatra-contrib (1.3.1)
      backports (>= 2.0)
      eventmachine
      rack-protection
      rack-test
      sinatra (~> 1.3.0)
      tilt (~> 1.3)
    thin (1.5.0)
      daemons (>= 1.0.9)
      eventmachine (>= 0.12.6)
      rack (>= 1.0.0)
    tilt (1.3.3)
    tlsmail (0.0.1)

PLATFORMS
  ruby
  x86-mingw32

DEPENDENCIES
  bcrypt-ruby (~> 3.0.1)
  haml (~> 3.1.7)
  less (~> 2.2.2)
  rack-flash3
  rand62
  rbtree (~> 0.3.0)
  rcov (~> 1.0.0)
  rdiscount (~> 1.6.8)
  require_relative (~> 1.0.3)
  shotgun (~> 0.9)
  sinatra (~> 1.3.3)
  sinatra-contrib (~> 1.3.1)
  thin (~> 1.5.0)
  tlsmail
